GIT
  remote: https://github.com/analogeryuta/capistrano-sudo
  revision: 89a8cc6b6ba4c1889e13b56cfe1b8d35b3e6213e
  specs:
    capistrano-sudo (0.0.3)
      capistrano (~> 3.3.3)

GEM
  remote: http://rubygems.org/
  specs:
    capistrano (3.3.3)
      capistrano-stats (~> 1.0.3)
      i18n
      rake (>= 10.0.0)
      sshkit (~> 1.3)
    capistrano-stats (1.0.3)
    colorize (0.7.3)
    i18n (0.6.11)
    net-scp (1.2.1)
      net-ssh (>= 2.6.5)
    net-ssh (2.9.1)
    rake (10.4.1)
    sshkit (1.5.1)
      colorize
      net-scp (>= 1.1.2)
      net-ssh (>= 2.8.0)

PLATFORMS
  ruby

DEPENDENCIES
  capistrano (>= 3.3.3)
  capistrano-sudo!
