GEM
  remote: http://rubygems.org/
  specs:
    capistrano (3.2.1)
      i18n
      rake (>= 10.0.0)
      sshkit (~> 1.3)
    capistrano-rbenv (2.0.2)
      capistrano (~> 3.1)
      sshkit (~> 1.3)
    capistrano-rsync (1.0.2)
      capistrano (>= 3.0.0.pre14, < 4)
    i18n (0.6.9)
    net-scp (1.2.0)
      net-ssh (>= 2.6.5)
    net-ssh (2.8.0)
    rake (10.3.1)
    sshkit (1.4.0)
      net-scp (>= 1.1.2)
      net-ssh (>= 2.8.0)
      term-ansicolor
    term-ansicolor (1.3.0)
      tins (~> 1.0)
    tins (1.1.0)

PLATFORMS
  ruby

DEPENDENCIES
  capistrano (~> 3.2)
  capistrano-rbenv (~> 2.0)
  capistrano-rsync (~> 1.0)
